GEM
  remote: https://rubygems.org/
  specs:
    activesupport (6.0.3.4)
      concurrent-ruby (~> 1.0, >= 1.0.2)
      i18n (>= 0.7, < 2)
      minitest (~> 5.1)
      tzinfo (~> 1.1)
      zeitwerk (~> 2.2, >= 2.2.2)
    addressable (2.7.0)
      public_suffix (>= 2.0.2, < 5.0)
    bundler-audit (0.7.0.1)
      bundler (>= 1.2.0, < 3)
      thor (>= 0.18, < 2)
    byebug (11.1.3)
    coderay (1.1.3)
    colored (1.2)
    committee (4.2.0)
      json_schema (~> 0.14, >= 0.14.3)
      openapi_parser (>= 0.11.1)
      rack (>= 1.5)
    concurrent-ruby (1.1.7)
    connection_pool (2.2.3)
    database_cleaner (1.8.5)
    diff-lcs (1.4.4)
    docile (1.3.2)
    domain_name (0.5.20190701)
      unf (>= 0.0.5, < 1.0.0)
    dotenv (2.7.6)
    erubis (2.7.0)
    fabrication (2.21.1)
    foreman (0.87.2)
    http-cookie (1.0.3)
      domain_name (~> 0.5)
    http_accept (0.1.6)
    i18n (1.8.5)
      concurrent-ruby (~> 1.0)
    json_schema (0.20.9)
    kensa (3.1.0)
      colored (~> 1.2)
      launchy (~> 2.2.0)
      mechanize (~> 2.7.5)
      netrc (~> 0.10.3)
      rest-client (~> 1.8)
    launchy (2.2.0)
      addressable (~> 2.3)
    mechanize (2.7.6)
      domain_name (~> 0.5, >= 0.5.1)
      http-cookie (~> 1.0)
      mime-types (>= 1.17.2)
      net-http-digest_auth (~> 1.1, >= 1.1.1)
      net-http-persistent (>= 2.5.2)
      nokogiri (~> 1.6)
      ntlm-http (~> 0.1, >= 0.1.1)
      webrobots (>= 0.0.9, < 0.2)
    method_source (1.0.0)
    mime-types (2.99.3)
    mini_portile2 (2.4.0)
    minitest (5.14.2)
    multi_json (1.15.0)
    mustermann (1.1.1)
      ruby2_keywords (~> 0.0.1)
    net-http-digest_auth (1.4.1)
    net-http-persistent (4.0.0)
      connection_pool (~> 2.2)
    netrc (0.10.3)
    nio4r (2.5.4)
    nokogiri (1.10.10)
      mini_portile2 (~> 2.4.0)
    ntlm-http (0.1.1)
    oj (3.10.15)
    openapi_parser (0.12.1)
    pg (1.2.3)
    pliny (0.29.0)
      activesupport (>= 5.0.1, < 7.0)
      http_accept (~> 0.1, >= 0.1.5)
      multi_json (~> 1.9, >= 1.9.3)
      prmd (~> 0.11, >= 0.11.4)
      sinatra (>= 1.4, < 3.0)
      sinatra-router (~> 0.2, >= 0.2.4)
      thor (~> 0.19, >= 0.19.1)
    prmd (0.13.0)
      erubis (~> 2.7)
      json_schema (~> 0.3, >= 0.3.1)
    pry (0.13.1)
      coderay (~> 1.1)
      method_source (~> 1.0)
    pry-byebug (3.9.0)
      byebug (~> 11.0)
      pry (~> 0.13.0)
    pry-doc (1.1.0)
      pry (~> 0.11)
      yard (~> 0.9.11)
    public_suffix (4.0.6)
    puma (5.0.2)
      nio4r (~> 2.0)
    rack (2.2.3)
    rack-protection (2.1.0)
      rack
    rack-ssl (1.4.1)
      rack
    rack-test (1.1.0)
      rack (>= 1.0, < 3)
    rack-timeout (0.6.0)
    rake (13.0.1)
    rest-client (1.8.0)
      http-cookie (>= 1.0.2, < 2.0)
      mime-types (>= 1.16, < 3.0)
      netrc (~> 0.7)
    rollbar (3.0.1)
    rspec (3.9.0)
      rspec-core (~> 3.9.0)
      rspec-expectations (~> 3.9.0)
      rspec-mocks (~> 3.9.0)
    rspec-core (3.9.3)
      rspec-support (~> 3.9.3)
    rspec-expectations (3.9.2)
      diff-lcs (>= 1.2.0, < 2.0)
      rspec-support (~> 3.9.0)
    rspec-mocks (3.9.1)
      diff-lcs (>= 1.2.0, < 2.0)
      rspec-support (~> 3.9.0)
    rspec-support (3.9.3)
    ruby2_keywords (0.0.2)
    sequel (5.37.0)
    sequel-paranoid (0.7.0)
      sequel
    sequel_pg (1.14.0)
      pg (>= 0.18.0, != 1.2.0)
      sequel (>= 4.38.0)
    simplecov (0.19.0)
      docile (~> 1.1)
      simplecov-html (~> 0.11)
    simplecov-html (0.12.3)
    sinatra (2.1.0)
      mustermann (~> 1.0)
      rack (~> 2.2)
      rack-protection (= 2.1.0)
      tilt (~> 2.0)
    sinatra-contrib (2.1.0)
      multi_json
      mustermann (~> 1.0)
      rack-protection (= 2.1.0)
      sinatra (= 2.1.0)
      tilt (~> 2.0)
    sinatra-router (0.2.4)
      sinatra (>= 1.4, < 3.0)
    sucker_punch (2.1.2)
      concurrent-ruby (~> 1.0)
    thor (0.20.3)
    thread_safe (0.3.6)
    tilt (2.0.10)
    tzinfo (1.2.7)
      thread_safe (~> 0.1)
    unf (0.1.4)
      unf_ext
    unf_ext (0.0.7.7)
    webrobots (0.1.2)
    yard (0.9.25)
    zeitwerk (2.4.0)

PLATFORMS
  ruby

DEPENDENCIES
  bundler-audit
  committee
  database_cleaner
  dotenv
  fabrication
  foreman
  kensa
  multi_json
  oj
  pg
  pliny (~> 0.28)
  pry
  pry-byebug
  pry-doc
  puma
  rack-ssl
  rack-test
  rack-timeout (~> 0.6)
  rake
  rollbar
  rspec
  sequel (~> 5.37)
  sequel-paranoid
  sequel_pg (~> 1.14)
  simplecov
  sinatra (~> 2.1.0)
  sinatra-contrib
  sinatra-router
  sucker_punch

RUBY VERSION
   ruby 2.7.0p0

BUNDLED WITH
   2.1.4
